GEM
  remote: https://rubygems.org/
  specs:
    connection_pool (2.5.0)
    gem-wrappers (1.4.0)
    redis (5.4.0)
      redis-client (>= 0.22.0)
    redis-client (0.24.0)
      connection_pool

PLATFORMS
  ruby
  x86_64-linux

DEPENDENCIES
  gem-wrappers
  redis

BUNDLED WITH
   2.6.3
